GEM
  remote: https://rubygems.org/
  specs:
    cinch (2.0.9)
    cleverbot-api (0.0.4)

PLATFORMS
  ruby

DEPENDENCIES
  cinch
  cleverbot-api
